GEM
  remote: https://rubygems.org/
  specs:
    addressable (2.3.5)
    amq-protocol (1.9.2)
    atomic (1.1.14)
    buftok (0.2.0)
    bunny (1.1.3)
      amq-protocol (>= 1.9.2)
    chronic (0.10.2)
    chronic_duration (0.10.2)
      numerizer (~> 0.1.1)
    cinch (2.0.12)
    cinch-identify (1.5.1)
      cinch (~> 2.0)
    cinchize (0.4.2)
      cinch (>= 2.0.1)
      daemons
    daemons (1.1.9)
    equalizer (0.0.9)
    faraday (0.9.0)
      multipart-post (>= 1.2, < 3)
    http (0.5.0)
      http_parser.rb
    http_parser.rb (0.6.0)
    i18n (0.6.9)
    json (1.8.1)
    memoizable (0.4.0)
      thread_safe (~> 0.1.3)
    multipart-post (2.0.0)
    naught (1.0.0)
    numerizer (0.1.1)
    ri_cal (0.8.8)
    simple_oauth (0.2.0)
    stopwords (0.2)
    thread_safe (0.1.3)
      atomic
    twitter (5.7.1)
      addressable (~> 2.3)
      buftok (~> 0.2.0)
      equalizer (~> 0.0.9)
      faraday (~> 0.9.0)
      http (~> 0.5.0)
      http_parser.rb (~> 0.6.0)
      json (~> 1.8)
      memoizable (~> 0.4.0)
      naught (~> 1.0)
      simple_oauth (~> 0.2.0)
    tzinfo (1.1.0)
      thread_safe (~> 0.1)

PLATFORMS
  ruby

DEPENDENCIES
  bunny (~> 1.1.0)
  chronic
  chronic_duration
  cinch
  cinch-identify
  cinchize
  i18n
  ri_cal
  stopwords (= 0.2)
  twitter
  tzinfo
